PATH
  remote: .
  specs:
    aws_metadata (0.2.4)

GEM
  remote: https://rubygems.org/
  specs:
    rake (10.4.2)
    rdiscount (2.2.0.1)
    yard (0.9.5)

PLATFORMS
  ruby

DEPENDENCIES
  aws_metadata!
  bundler (~> 1.11)
  rake (~> 10.0)
  rdiscount
  yard

BUNDLED WITH
   1.15.4
