PATH
  remote: .
  specs:
    aws_metadata (0.1.4)
      aws-sdk

GEM
  remote: https://rubygems.org/
  specs:
    aws-sdk (2.1.36)
      aws-sdk-resources (= 2.1.36)
    aws-sdk-core (2.1.36)
      jmespath (~> 1.0)
    aws-sdk-resources (2.1.36)
      aws-sdk-core (= 2.1.36)
    jmespath (1.1.3)
    rake (10.4.2)
    rdiscount (2.2.0.1)
    yard (0.9.5)

PLATFORMS
  ruby

DEPENDENCIES
  aws_metadata!
  bundler (~> 1.11)
  rake (~> 10.0)
  rdiscount
  yard

BUNDLED WITH
   1.11.2
